GEM
  specs:

GEM
  remote: https://rubygems.org/
  specs:
    kwalify (0.7.2)
    net-ldap (0.18.0)
    pg (1.5.3)
    pg-ldap-sync (0.4.0)
      kwalify (~> 0.7)
      net-ldap (~> 0.16)
      pg (>= 0.14, < 2.0)

PLATFORMS
  x86_64-linux

DEPENDENCIES
  pg-ldap-sync!

BUNDLED WITH
   2.3.26
